GEM
  remote: https://rubygems.org/
  specs:
    minitest (5.4.1)
    wavefile (0.6.0)

PLATFORMS
  ruby

DEPENDENCIES
  minitest
  wavefile
